PATH
  remote: .
  specs:
    wind_up (0.0.1)
      celluloid (~> 0.14.1)
      multi_json (~> 1.7.7)
      sucker_punch (~> 0.5.1)

GEM
  remote: https://rubygems.org/
  specs:
    celluloid (0.14.1)
      timers (>= 1.0.0)
    connection_pool (1.1.0)
    diff-lcs (1.2.4)
    multi_json (1.7.7)
    rake (10.1.0)
    redis (3.0.4)
    rspec (2.13.0)
      rspec-core (~> 2.13.0)
      rspec-expectations (~> 2.13.0)
      rspec-mocks (~> 2.13.0)
    rspec-core (2.13.1)
    rspec-expectations (2.13.0)
      diff-lcs (>= 1.1.3, < 2.0)
    rspec-mocks (2.13.1)
    sucker_punch (0.5.1)
      celluloid (~> 0.14.1)
    timers (1.1.0)

PLATFORMS
  ruby

DEPENDENCIES
  connection_pool
  rake
  redis
  rspec
  wind_up!
