PATH
  remote: .
  specs:
    wind_up (0.0.3)
      wind_up_queue (~> 0.0.1)

GEM
  remote: https://rubygems.org/
  specs:
    celluloid (0.14.1)
      timers (>= 1.0.0)
    diff-lcs (1.2.4)
    rake (10.1.0)
    rspec (2.14.1)
      rspec-core (~> 2.14.0)
      rspec-expectations (~> 2.14.0)
      rspec-mocks (~> 2.14.0)
    rspec-core (2.14.5)
    rspec-expectations (2.14.2)
      diff-lcs (>= 1.1.3, < 2.0)
    rspec-mocks (2.14.3)
    timers (1.1.0)
    wind_up_queue (0.0.1)
      celluloid (~> 0.14.1)

PLATFORMS
  ruby

DEPENDENCIES
  rake
  rspec
  wind_up!
